PATH
  remote: .
  specs:
    pdfium (0.0.1)

GEM
  remote: https://rubygems.org/
  specs:
    addressable (2.3.7)
    fastimage (1.6.6)
      addressable (~> 2.3, >= 2.3.5)
    minitest (5.5.1)
    rake (10.4.2)
    rake-compiler (0.9.5)
      rake

PLATFORMS
  ruby

DEPENDENCIES
  bundler (~> 1.5)
  fastimage
  minitest
  pdfium!
  rake
  rake-compiler
