PATH
  remote: .
  specs:
    pdfshaver (0.0.1)

GEM
  remote: https://rubygems.org/
  specs:
    addressable (2.3.7)
    fastimage (1.6.6)
      addressable (~> 2.3, >= 2.3.5)
    minitest (5.5.1)
    rake (10.4.2)
    rake-compiler (0.9.5)
      rake

PLATFORMS
  ruby

DEPENDENCIES
  bundler (~> 1.5)
  fastimage (~> 1.6)
  minitest (~> 5.5)
  pdfshaver!
  rake (~> 10.4)
  rake-compiler (~> 0.9)

BUNDLED WITH
   1.10.6
